GEM
  remote: https://rubygems.org/
  specs:
    ffi (1.9.0)
    libnotify (0.8.1)
      ffi (>= 1.0.11)
    nokogiri (1.5.9)

PLATFORMS
  ruby

DEPENDENCIES
  libnotify
  nokogiri
