GEM
  remote: https://rubygems.org/
  specs:
    ffi (1.9.3)
    libnotify (0.8.3)
      ffi (>= 1.0.11)
    mini_portile (0.6.0)
    nokogiri (1.6.2.1)
      mini_portile (= 0.6.0)
    terminal-notifier (1.6.0)

PLATFORMS
  ruby

DEPENDENCIES
  libnotify
  nokogiri
  terminal-notifier
